GEM
  remote: https://rubygems.org/
  specs:
    parallel (1.0.0)

PLATFORMS
  ruby

DEPENDENCIES
  parallel
